GEM
  remote: http://rubygems.org/
  specs:
    engtagger (0.1.2)
    httparty (0.8.3)
      multi_json (~> 1.0)
      multi_xml
    json (1.7.3)
    multi_json (1.3.6)
    multi_xml (0.5.1)
    neography (0.0.27)
      httparty (>= 0.8.1)
      json
      oj
      os
      rake (>= 0.8.7)
      rubyzip
    oj (1.3.0)
    os (0.9.6)
    progressbar (0.11.0)
    rake (0.9.2.2)
    rubyzip (0.9.9)
    schiphol (0.9)
      progressbar (>= 0.10.0)
      rubyzip (>= 0.9.6.1)
    treat (1.1.0)
      schiphol

PLATFORMS
  ruby

DEPENDENCIES
  engtagger
  neography
  treat
